GEM
  remote: https://rubygems.org/
  specs:
    em-pg-client (0.3.4)
      eventmachine (~> 1.0.0)
      pg (>= 0.17.0)
    em-websocket (0.5.1)
      eventmachine (>= 0.12.9)
      http_parser.rb (~> 0.6.0)
    eventmachine (1.0.3)
    http_parser.rb (0.6.0)
    pg (0.17.1)

PLATFORMS
  ruby

DEPENDENCIES
  em-pg-client (~> 0.3.4)
  em-websocket (~> 0.5.1)
  pg
